ObjectType = Image
NDims = 3
BinaryData = True
BinaryDataByteOrderMSB = False
CompressedData = False
TransformMatrix = 1 0 0 0 1 0 0 0 1
Offset = -168.65819999999999 -364.65820000000002 -394
CenterOfRotation = 0 0 0
AnatomicalOrientation = RAI
ElementSpacing = 0.68359375 0.68359375 1.7999999523162842
DimSize = 512 512 191
ElementType = MET_SHORT
ElementDataFile = 1.3.6.1.4.1.14519.5.2.1.6279.6001.292057261351416339496913597985.raw
