ObjectType = Image
NDims = 3
BinaryData = True
BinaryDataByteOrderMSB = False
CompressedData = False
TransformMatrix = 1 0 0 0 1 0 0 0 1
Offset = -168 -131 -355.209991
CenterOfRotation = 0 0 0
AnatomicalOrientation = RAI
ElementSpacing = 0.609375 0.609375 2.5
DimSize = 512 512 125
ElementType = MET_SHORT
ElementDataFile = 1.3.6.1.4.1.14519.5.2.1.6279.6001.319009811633846643966578282371.raw
