ObjectType = Image
NDims = 3
BinaryData = True
BinaryDataByteOrderMSB = False
CompressedData = False
TransformMatrix = 1 0 0 0 1 0 0 0 1
Offset = -169.67578 -348.67577999999997 642
CenterOfRotation = 0 0 0
AnatomicalOrientation = RAI
ElementSpacing = 0.6484375 0.6484375 0.69999998807907104
DimSize = 512 512 558
ElementType = MET_SHORT
ElementDataFile = 1.3.6.1.4.1.14519.5.2.1.6279.6001.204303454658845815034433453512.raw
