ObjectType = Image
NDims = 3
BinaryData = True
BinaryDataByteOrderMSB = False
CompressedData = False
TransformMatrix = 1 0 0 0 1 0 0 0 1
Offset = -184.300003 -175 -350
CenterOfRotation = 0 0 0
AnatomicalOrientation = RAI
ElementSpacing = 0.6445310115814209 0.6445310115814209 2.5
DimSize = 512 512 127
ElementType = MET_SHORT
ElementDataFile = 1.3.6.1.4.1.14519.5.2.1.6279.6001.268589491017129166376960414534.raw
