ObjectType = Image
NDims = 3
BinaryData = True
BinaryDataByteOrderMSB = False
CompressedData = False
TransformMatrix = 1 0 0 0 1 0 0 0 1
Offset = -167.60000600000001 -147.89999399999999 -341.5
CenterOfRotation = 0 0 0
AnatomicalOrientation = RAI
ElementSpacing = 0.703125 0.703125 2.5
DimSize = 512 512 133
ElementType = MET_SHORT
ElementDataFile = 1.3.6.1.4.1.14519.5.2.1.6279.6001.100953483028192176989979435275.raw
