ObjectType = Image
NDims = 3
BinaryData = True
BinaryDataByteOrderMSB = False
CompressedData = False
TransformMatrix = 1 0 0 0 1 0 0 0 1
Offset = -184 -48.2291393 -585.79998799999998
CenterOfRotation = 0 0 0
AnatomicalOrientation = RAI
ElementSpacing = 0.67578125 0.67578125 1
DimSize = 512 512 272
ElementType = MET_SHORT
ElementDataFile = 1.3.6.1.4.1.14519.5.2.1.6279.6001.244447966386688625240438849169.raw
