ObjectType = Image
NDims = 3
BinaryData = True
BinaryDataByteOrderMSB = False
CompressedData = False
TransformMatrix = 1 0 0 0 1 0 0 0 1
Offset = -225.65064000000001 -75.801278100000005 -666.59997599999997
CenterOfRotation = 0 0 0
AnatomicalOrientation = RAI
ElementSpacing = 0.833984375 0.833984375 0.99999988079071045
DimSize = 512 512 250
ElementType = MET_SHORT
ElementDataFile = 1.3.6.1.4.1.14519.5.2.1.6279.6001.404768898286087278137462774930.raw
