ObjectType = Image
NDims = 3
BinaryData = True
BinaryDataByteOrderMSB = False
CompressedData = False
TransformMatrix = 1 0 0 0 1 0 0 0 1
Offset = -120.04946700000001 9.4804160599999996 -657
CenterOfRotation = 0 0 0
AnatomicalOrientation = RAI
ElementSpacing = 0.556640625 0.556640625 1
DimSize = 512 512 321
ElementType = MET_SHORT
ElementDataFile = 1.3.6.1.4.1.14519.5.2.1.6279.6001.100621383016233746780170740405.raw
