ObjectType = Image
NDims = 3
BinaryData = True
BinaryDataByteOrderMSB = False
CompressedData = False
TransformMatrix = -1 0 0 0 -1 0 0 0 1
Offset = 244.10000600000001 241.60000600000001 -310.75
CenterOfRotation = 0 0 0
AnatomicalOrientation = LPI
ElementSpacing = 0.8789060115814209 0.8789060115814209 1.25
DimSize = 512 512 210
ElementType = MET_SHORT
ElementDataFile = 1.3.6.1.4.1.14519.5.2.1.6279.6001.943403138251347598519939390311.raw
