ObjectType = Image
NDims = 3
BinaryData = True
BinaryDataByteOrderMSB = False
CompressedData = False
TransformMatrix = 1 0 0 0 1 0 0 0 1
Offset = -130.2314453125 -268.2314453125 -405
CenterOfRotation = 0 0 0
AnatomicalOrientation = RAI
ElementSpacing = 0.537109375 0.537109375 0.5
DimSize = 512 512 682
ElementType = MET_SHORT
ElementDataFile = 1.3.6.1.4.1.14519.5.2.1.6279.6001.221945191226273284587353530424.raw
