ObjectType = Image
NDims = 3
BinaryData = True
BinaryDataByteOrderMSB = False
CompressedData = False
TransformMatrix = 1 0 0 0 1 0 0 0 1
Offset = -173.39999399999999 -165 -251.47500600000001
CenterOfRotation = 0 0 0
AnatomicalOrientation = RAI
ElementSpacing = 0.6445310115814209 0.6445310115814209 2
DimSize = 512 512 156
ElementType = MET_SHORT
ElementDataFile = 1.3.6.1.4.1.14519.5.2.1.6279.6001.299767339686526858593516834230.raw
