ObjectType = Image
NDims = 3
BinaryData = True
BinaryDataByteOrderMSB = False
CompressedData = False
TransformMatrix = 1 0 0 0 1 0 0 0 1
Offset = -164.800003 -153.5 -380.48001099999999
CenterOfRotation = 0 0 0
AnatomicalOrientation = RAI
ElementSpacing = 0.64648401737213135 0.64648401737213135 2.5
DimSize = 512 512 136
ElementType = MET_SHORT
ElementDataFile = 1.3.6.1.4.1.14519.5.2.1.6279.6001.692598144815688523679745963696.raw
