ObjectType = Image
NDims = 3
BinaryData = True
BinaryDataByteOrderMSB = False
CompressedData = False
TransformMatrix = 1 0 0 0 1 0 0 0 1
Offset = -171.67968999999999 -347.67968999999999 -561
CenterOfRotation = 0 0 0
AnatomicalOrientation = RAI
ElementSpacing = 0.640625 0.640625 0.69999998807907104
DimSize = 512 512 461
ElementType = MET_SHORT
ElementDataFile = 1.3.6.1.4.1.14519.5.2.1.6279.6001.311236942972970815890902714604.raw
