ObjectType = Image
NDims = 3
BinaryData = True
BinaryDataByteOrderMSB = False
CompressedData = False
TransformMatrix = 1 0 0 0 1 0 0 0 1
Offset = -156.199997 -137 -341.76998900000001
CenterOfRotation = 0 0 0
AnatomicalOrientation = RAI
ElementSpacing = 0.5859379768371582 0.5859379768371582 1.25
DimSize = 512 512 263
ElementType = MET_SHORT
ElementDataFile = 1.3.6.1.4.1.14519.5.2.1.6279.6001.885292267869246639232975687131.raw
