ObjectType = Image
NDims = 3
BinaryData = True
BinaryDataByteOrderMSB = False
CompressedData = False
TransformMatrix = 1 0 0 0 1 0 0 0 1
Offset = -145.800003 -139.60000600000001 -299.14498900000001
CenterOfRotation = 0 0 0
AnatomicalOrientation = RAI
ElementSpacing = 0.5859379768371582 0.5859379768371582 0.625
DimSize = 512 512 463
ElementType = MET_SHORT
ElementDataFile = 1.3.6.1.4.1.14519.5.2.1.6279.6001.776429308535398795601496131524.raw
