ObjectType = Image
NDims = 3
BinaryData = True
BinaryDataByteOrderMSB = False
CompressedData = False
TransformMatrix = 1 0 0 0 1 0 0 0 1
Offset = -208.10000600000001 -220 -308.83999599999999
CenterOfRotation = 0 0 0
AnatomicalOrientation = RAI
ElementSpacing = 0.859375 0.859375 0.625
DimSize = 512 512 477
ElementType = MET_SHORT
ElementDataFile = 1.3.6.1.4.1.14519.5.2.1.6279.6001.272259794130271010519952623746.raw
