ObjectType = Image
NDims = 3
BinaryData = True
BinaryDataByteOrderMSB = False
CompressedData = False
TransformMatrix = 1 0 0 0 1 0 0 0 1
Offset = -172.39999399999999 -175 -334
CenterOfRotation = 0 0 0
AnatomicalOrientation = RAI
ElementSpacing = 0.6835939884185791 0.6835939884185791 1.25
DimSize = 512 512 261
ElementType = MET_SHORT
ElementDataFile = 1.3.6.1.4.1.14519.5.2.1.6279.6001.187108608022306504546286626125.raw
