ObjectType = Image
NDims = 3
BinaryData = True
BinaryDataByteOrderMSB = False
CompressedData = False
TransformMatrix = 1 0 0 0 1 0 0 0 1
Offset = -133.800003 -133.300003 -341.540009
CenterOfRotation = 0 0 0
AnatomicalOrientation = RAI
ElementSpacing = 0.6015620231628418 0.6015620231628418 1.25
DimSize = 512 512 253
ElementType = MET_SHORT
ElementDataFile = 1.3.6.1.4.1.14519.5.2.1.6279.6001.283733738239331719775105586296.raw
