ObjectType = Image
NDims = 3
BinaryData = True
BinaryDataByteOrderMSB = False
CompressedData = False
TransformMatrix = -1 0 0 0 -1 0 0 0 1
Offset = 186.199997 130.199997 -399.5
CenterOfRotation = 0 0 0
AnatomicalOrientation = LPI
ElementSpacing = 0.7617189884185791 0.7617189884185791 1.25
DimSize = 512 512 283
ElementType = MET_SHORT
ElementDataFile = 1.3.6.1.4.1.14519.5.2.1.6279.6001.282512043257574309474415322775.raw
