ObjectType = Image
NDims = 3
BinaryData = True
BinaryDataByteOrderMSB = False
CompressedData = False
TransformMatrix = 1 0 0 0 1 0 0 0 1
Offset = -167.10000600000001 -190 -303.80499300000002
CenterOfRotation = 0 0 0
AnatomicalOrientation = RAI
ElementSpacing = 0.7421879768371582 0.7421879768371582 0.625
DimSize = 512 512 513
ElementType = MET_SHORT
ElementDataFile = 1.3.6.1.4.1.14519.5.2.1.6279.6001.458525794434429386945463560826.raw
