ObjectType = Image
NDims = 3
BinaryData = True
BinaryDataByteOrderMSB = False
CompressedData = False
TransformMatrix = 1 0 0 0 1 0 0 0 1
Offset = -141.84066200000001 23.145622299999999 -825.19995100000006
CenterOfRotation = 0 0 0
AnatomicalOrientation = RAI
ElementSpacing = 0.6171875 0.6171875 1
DimSize = 512 512 276
ElementType = MET_SHORT
ElementDataFile = 1.3.6.1.4.1.14519.5.2.1.6279.6001.213140617640021803112060161074.raw
