ObjectType = Image
NDims = 3
BinaryData = True
BinaryDataByteOrderMSB = False
CompressedData = False
TransformMatrix = 1 0 0 0 1 0 0 0 1
Offset = -153.5 -177.39999399999999 -310.25
CenterOfRotation = 0 0 0
AnatomicalOrientation = RAI
ElementSpacing = 0.65429699420928955 0.65429699420928955 1.25
DimSize = 512 512 255
ElementType = MET_SHORT
ElementDataFile = 1.3.6.1.4.1.14519.5.2.1.6279.6001.231645134739451754302647733304.raw
