ObjectType = Image
NDims = 3
BinaryData = True
BinaryDataByteOrderMSB = False
CompressedData = False
TransformMatrix = 1 0 0 0 1 0 0 0 1
Offset = -160.5 -52.284513500000003 1539
CenterOfRotation = 0 0 0
AnatomicalOrientation = RAI
ElementSpacing = 0.611328125 0.611328125 1
DimSize = 512 512 325
ElementType = MET_SHORT
ElementDataFile = 1.3.6.1.4.1.14519.5.2.1.6279.6001.241570579760883349458693655367.raw
