ObjectType = Image
NDims = 3
BinaryData = True
BinaryDataByteOrderMSB = False
CompressedData = False
TransformMatrix = 1 0 0 0 1 0 0 0 1
Offset = -157.2431640625 -281.2431640625 -336
CenterOfRotation = 0 0 0
AnatomicalOrientation = RAI
ElementSpacing = 0.513671875 0.513671875 0.5
DimSize = 512 512 588
ElementType = MET_SHORT
ElementDataFile = 1.3.6.1.4.1.14519.5.2.1.6279.6001.139258777898746693365877042411.raw
