ObjectType = Image
NDims = 3
BinaryData = True
BinaryDataByteOrderMSB = False
CompressedData = False
TransformMatrix = 1 0 0 0 1 0 0 0 1
Offset = -215.5 -233.10000600000001 -304
CenterOfRotation = 0 0 0
AnatomicalOrientation = RAI
ElementSpacing = 0.78710901737213135 0.78710901737213135 1.25
DimSize = 512 512 242
ElementType = MET_SHORT
ElementDataFile = 1.3.6.1.4.1.14519.5.2.1.6279.6001.333319057944372470283038483725.raw
