ObjectType = Image
NDims = 3
BinaryData = True
BinaryDataByteOrderMSB = False
CompressedData = False
TransformMatrix = 1 0 0 0 1 0 0 0 1
Offset = -155.89999399999999 -146 -341.98998999999998
CenterOfRotation = 0 0 0
AnatomicalOrientation = RAI
ElementSpacing = 0.5703120231628418 0.5703120231628418 2.5
DimSize = 512 512 122
ElementType = MET_SHORT
ElementDataFile = 1.3.6.1.4.1.14519.5.2.1.6279.6001.811825890493256320617655474043.raw
