ObjectType = Image
NDims = 3
BinaryData = True
BinaryDataByteOrderMSB = False
CompressedData = False
TransformMatrix = 1 0 0 0 1 0 0 0 1
Offset = -194.605842 -64.139293699999996 -591
CenterOfRotation = 0 0 0
AnatomicalOrientation = RAI
ElementSpacing = 0.724609375 0.724609375 1
DimSize = 512 512 275
ElementType = MET_SHORT
ElementDataFile = 1.3.6.1.4.1.14519.5.2.1.6279.6001.259123825760999546551970425757.raw
