ObjectType = Image
NDims = 3
BinaryData = True
BinaryDataByteOrderMSB = False
CompressedData = False
TransformMatrix = 1 0 0 0 1 0 0 0 1
Offset = -218.300003 -210 -369.25
CenterOfRotation = 0 0 0
AnatomicalOrientation = RAI
ElementSpacing = 0.8203120231628418 0.8203120231628418 1.25
DimSize = 512 512 251
ElementType = MET_SHORT
ElementDataFile = 1.3.6.1.4.1.14519.5.2.1.6279.6001.189483585244687808087477024767.raw
