ObjectType = Image
NDims = 3
BinaryData = True
BinaryDataByteOrderMSB = False
CompressedData = False
TransformMatrix = 0.99999999999999989 0 0 0 0.99999999999999989 0 0 0 1
Offset = -215.800003 -167.699997 -306.75
CenterOfRotation = 0 0 0
AnatomicalOrientation = RAI
ElementSpacing = 0.8046879768371582 0.8046879768371582 1.25
DimSize = 512 512 249
ElementType = MET_SHORT
ElementDataFile = 1.3.6.1.4.1.14519.5.2.1.6279.6001.312704771348460502013249647868.raw
